GEM
  remote: http://rubygems.org/
  specs:
    Ascii85 (1.0.2)
    activemodel (3.2.13)
      activesupport (= 3.2.13)
      builder (~> 3.0.0)
    activesupport (3.2.13)
      i18n (= 0.6.1)
      multi_json (~> 1.0)
    afm (0.2.0)
    bson (1.9.0)
    bson_ext (1.9.0)
      bson (~> 1.9.0)
    builder (3.0.4)
    daemons (1.1.9)
    eventmachine (1.0.3)
    haml (4.0.3)
      tilt
    hashery (2.1.0)
    i18n (0.6.1)
    json (1.7.7)
    metaclass (0.0.1)
    mini_portile (0.5.0)
    minitest (5.0.1)
    mocha (0.14.0)
      metaclass (~> 0.0.1)
    mongo (1.9.0)
      bson (~> 1.9.0)
    mongo_mapper (0.12.0)
      activemodel (~> 3.0)
      activesupport (~> 3.0)
      plucky (~> 0.5.2)
    multi_json (1.7.7)
    nokogiri (1.6.0)
      mini_portile (~> 0.5.0)
    pdf-reader (1.3.3)
      Ascii85 (~> 1.0.0)
      afm (~> 0.2.0)
      hashery (~> 2.0)
      ruby-rc4
      ttfunk
    plucky (0.5.2)
      mongo (~> 1.5)
    rack (1.5.2)
    rack-protection (1.5.0)
      rack
    rake (10.0.4)
    ri_cal (0.8.8)
    ruby-rc4 (0.1.5)
    shotgun (0.9)
      rack (>= 1.0)
    simplecov (0.7.1)
      multi_json (~> 1.0)
      simplecov-html (~> 0.7.1)
    simplecov-html (0.7.1)
    sinatra (1.4.3)
      rack (~> 1.4)
      rack-protection (~> 1.4)
      tilt (~> 1.3, >= 1.3.4)
    thin (1.5.1)
      daemons (>= 1.0.9)
      eventmachine (>= 0.12.6)
      rack (>= 1.0.0)
    tilt (1.4.1)
    ttfunk (1.0.3)

PLATFORMS
  ruby

DEPENDENCIES
  bson_ext
  haml
  json (~> 1.7.7)
  minitest (= 5.0.1)
  mocha
  mongo_mapper
  nokogiri
  pdf-reader
  rake
  ri_cal
  shotgun
  simplecov (= 0.7.1)
  sinatra
  thin
