GEM
  remote: https://rubygems.org/
  specs:
    Ascii85 (1.0.2)
    activemodel (3.2.13)
      activesupport (= 3.2.13)
      builder (~> 3.0.0)
    activesupport (3.2.13)
      i18n (= 0.6.1)
      multi_json (~> 1.0)
    afm (0.2.0)
    bson (1.8.5)
    bson_ext (1.8.5)
      bson (~> 1.8.5)
    builder (3.0.4)
    haml (4.0.2)
      tilt
    hashery (2.1.0)
    i18n (0.6.1)
    json (1.7.7)
    metaclass (0.0.1)
    minitest (5.0.1)
    mocha (0.14.0)
      metaclass (~> 0.0.1)
    mongoid (3.1.3)
      activemodel (~> 3.2)
      moped (~> 1.4.2)
      origin (~> 1.0)
      tzinfo (~> 0.3.22)
    moped (1.4.5)
    multi_json (1.7.3)
    nokogiri (1.5.9)
    origin (1.1.0)
    pdf-reader (1.3.3)
      Ascii85 (~> 1.0.0)
      afm (~> 0.2.0)
      hashery (~> 2.0)
      ruby-rc4
      ttfunk
    rack (1.5.2)
    rack-protection (1.5.0)
      rack
    rake (10.0.4)
    ruby-rc4 (0.1.5)
    shotgun (0.9)
      rack (>= 1.0)
    simplecov (0.7.1)
      multi_json (~> 1.0)
      simplecov-html (~> 0.7.1)
    simplecov-html (0.7.1)
    sinatra (1.4.2)
      rack (~> 1.5, >= 1.5.2)
      rack-protection (~> 1.4)
      tilt (~> 1.3, >= 1.3.4)
    tilt (1.4.0)
    ttfunk (1.0.3)
    tzinfo (0.3.37)

PLATFORMS
  ruby

DEPENDENCIES
  bson_ext
  haml
  json (~> 1.7.7)
  minitest (= 5.0.1)
  mocha
  mongoid
  nokogiri
  pdf-reader
  rake
  shotgun
  simplecov (= 0.7.1)
  sinatra
